GIT
  remote: https://github.com/janbiedermann/hyper-business.git
  revision: aa9fa0695daa053680bb474f4331a4102c41e43e
  branch: ulysses
  specs:
    hyper-business (0.0.1)
      hyper-react (~> 1.0.0.lap0)
      hyper-transport (~> 0.0.1)
      oj (~> 3.6.0)
      opal (~> 0.11.0)
      opal-activesupport (~> 0.3.1)

GIT
  remote: https://github.com/janbiedermann/hyper-gate.git
  revision: 69828e50e75a027b0d2135a9dac219ee51ff96c1
  branch: ulysses
  specs:
    hyper-gate (0.0.1)
      hyper-react (~> 1.0.0.lap0)
      hyper-transport (~> 0.0.1)
      oj (~> 3.6.0)
      opal (~> 0.11.0)
      opal-activesupport (~> 0.3.1)

GIT
  remote: https://github.com/janbiedermann/hyper-react.git
  revision: 68e0a70df9a5541e6122723f0533a31b91a02958
  branch: ulysses
  specs:
    hyper-react (1.0.0.lap28)
      hyper-store (= 1.0.0.lap28)
      oj (~> 3.6.0)
      opal (>= 0.11.0, < 0.12.0)
      opal-activesupport (~> 0.3.1)
      opal-browser (~> 0.2.0)

GIT
  remote: https://github.com/janbiedermann/hyper-resource.git
  revision: 160a50ef220fa36136d7cf49ef4496a92aadfd5f
  branch: ulysses
  specs:
    hyper-resource (1.1.0.lap0)
      activesupport (~> 5.0)
      hyper-react (~> 1.0.0.lap27)
      hyper-transport (~> 0.0.1)
      oj (~> 3.6.0)
      opal (~> 0.11.0)
      opal-activesupport (~> 0.3.1)

GIT
  remote: https://github.com/janbiedermann/hyper-router.git
  revision: d846eb9f88c297df96d6f831a6a990073e855111
  branch: ulysses
  specs:
    hyper-router (4.2.6.lap28)
      hyper-react (= 1.0.0.lap28)
      opal-browser (~> 0.2.0)

GIT
  remote: https://github.com/janbiedermann/hyper-store.git
  revision: a897f804366c66adcb9a1bf2a8550e469bbbbaef
  branch: ulysses
  specs:
    hyper-store (1.0.0.lap28)
      opal (>= 0.11.0, < 0.12.0)

GIT
  remote: https://github.com/janbiedermann/hyper-transport-actioncable.git
  revision: a9d617d937fed40814db52d492d12011cd791fe0
  branch: ulysses
  specs:
    hyper-transport-actioncable (0.0.1)
      actioncable (> 5.0.0)
      hyper-transport (~> 0.0.1)
      opal (~> 0.11.0)

GIT
  remote: https://github.com/janbiedermann/hyper-transport-store-redis.git
  revision: 7928d871b820abddda5a42cc89d186d52056175e
  branch: ulysses
  specs:
    hyper-transport-store-redis (0.0.1)
      hyper-transport (~> 0.0.1)
      redis (~> 4.0.1)

GIT
  remote: https://github.com/janbiedermann/hyper-transport.git
  revision: e7ce03030f775fb57a4944c92911c976e3fc3b5b
  branch: ulysses
  specs:
    hyper-transport (0.0.1)
      hyper-react (~> 1.0.0.lap0)
      opal (~> 0.11.0)

GIT
  remote: https://github.com/janbiedermann/opal-autoloader.git
  revision: 503d3149e7afd80737f6fe21f96c3a73f40287f2
  branch: master
  specs:
    opal-autoloader (0.0.2)
      opal (>= 0.11.0)

GIT
  remote: https://github.com/janbiedermann/opal-webpack-compile-server.git
  revision: 975646ba12c70cadead4132614f303c4acb093dc
  branch: master
  specs:
    opal-webpack-compile-server (0.1.9)
      eventmachine (~> 1.2.7)
      oj (~> 3.6.0)
      opal (>= 0.11.0)

GIT
  remote: https://github.com/janbiedermann/opal.git
  revision: e3fdf16e8a657f7d9f9507207848a34953dced8d
  branch: es6_import_export
  specs:
    opal (0.11.1.dev)
      ast (>= 2.3.0)
      hike (~> 1.2)
      parser (= 2.5.1.0)
      sourcemap (~> 0.1.0)

GEM
  remote: https://rubygems.org/
  specs:
    actioncable (5.2.1)
      actionpack (= 5.2.1)
      nio4r (~> 2.0)
      websocket-driver (>= 0.6.1)
    actionmailer (5.2.1)
      actionpack (= 5.2.1)
      actionview (= 5.2.1)
      activejob (= 5.2.1)
      mail (~> 2.5, >= 2.5.4)
      rails-dom-testing (~> 2.0)
    actionpack (5.2.1)
      actionview (= 5.2.1)
      activesupport (= 5.2.1)
      rack (~> 2.0)
      rack-test (>= 0.6.3)
      rails-dom-testing (~> 2.0)
      rails-html-sanitizer (~> 1.0, >= 1.0.2)
    actionview (5.2.1)
      activesupport (= 5.2.1)
      builder (~> 3.1)
      erubi (~> 1.4)
      rails-dom-testing (~> 2.0)
      rails-html-sanitizer (~> 1.0, >= 1.0.3)
    activejob (5.2.1)
      activesupport (= 5.2.1)
      globalid (>= 0.3.6)
    activemodel (5.2.1)
      activesupport (= 5.2.1)
    activerecord (5.2.1)
      activemodel (= 5.2.1)
      activesupport (= 5.2.1)
      arel (>= 9.0)
    activestorage (5.2.1)
      actionpack (= 5.2.1)
      activerecord (= 5.2.1)
      marcel (~> 0.3.1)
    activesupport (5.2.1)
      concurrent-ruby (~> 1.0, >= 1.0.2)
      i18n (>= 0.7, < 2)
      minitest (~> 5.1)
      tzinfo (~> 1.1)
    addressable (2.5.2)
      public_suffix (>= 2.0.2, < 4.0)
    archive-zip (0.11.0)
      io-like (~> 0.3.0)
    arel (9.0.0)
    ast (2.4.0)
    bindex (0.5.0)
    bootsnap (1.3.1)
      msgpack (~> 1.0)
    builder (3.2.3)
    byebug (10.0.2)
    capybara (3.6.0)
      addressable
      mini_mime (>= 0.1.3)
      nokogiri (~> 1.8)
      rack (>= 1.6.0)
      rack-test (>= 0.6.3)
      xpath (~> 3.1)
    childprocess (0.9.0)
      ffi (~> 1.0, >= 1.0.11)
    chromedriver-helper (1.2.0)
      archive-zip (~> 0.10)
      nokogiri (~> 1.8)
    coffee-rails (4.2.2)
      coffee-script (>= 2.2.0)
      railties (>= 4.0.0)
    coffee-script (2.4.1)
      coffee-script-source
      execjs
    coffee-script-source (1.12.2)
    concurrent-ruby (1.0.5)
    crass (1.0.4)
    erubi (1.7.1)
    eventmachine (1.2.7)
    execjs (2.7.0)
    ffi (1.9.25)
    globalid (0.4.1)
      activesupport (>= 4.2.0)
    hike (1.2.3)
    i18n (1.1.0)
      concurrent-ruby (~> 1.0)
    io-like (0.3.0)
    jbuilder (2.7.0)
      activesupport (>= 4.2.0)
      multi_json (>= 1.2)
    listen (3.1.5)
      rb-fsevent (~> 0.9, >= 0.9.4)
      rb-inotify (~> 0.9, >= 0.9.7)
      ruby_dep (~> 1.2)
    loofah (2.2.2)
      crass (~> 1.0.2)
      nokogiri (>= 1.5.9)
    mail (2.7.0)
      mini_mime (>= 0.1.1)
    marcel (0.3.2)
      mimemagic (~> 0.3.2)
    method_source (0.9.0)
    mimemagic (0.3.2)
    mini_mime (1.0.1)
    mini_portile2 (2.3.0)
    minitest (5.11.3)
    msgpack (1.2.4)
    multi_json (1.13.1)
    nio4r (2.3.1)
    nokogiri (1.8.4)
      mini_portile2 (~> 2.3.0)
    oj (3.6.7)
    opal-activesupport (0.3.1)
      opal (>= 0.5.0, < 1.0.0)
    opal-browser (0.2.0)
      opal
      paggio
    paggio (0.2.6)
    parser (2.5.1.0)
      ast (~> 2.4.0)
    public_suffix (3.0.3)
    puma (3.12.0)
    rack (2.0.5)
    rack-proxy (0.6.4)
      rack
    rack-test (1.1.0)
      rack (>= 1.0, < 3)
    rails (5.2.1)
      actioncable (= 5.2.1)
      actionmailer (= 5.2.1)
      actionpack (= 5.2.1)
      actionview (= 5.2.1)
      activejob (= 5.2.1)
      activemodel (= 5.2.1)
      activerecord (= 5.2.1)
      activestorage (= 5.2.1)
      activesupport (= 5.2.1)
      bundler (>= 1.3.0)
      railties (= 5.2.1)
      sprockets-rails (>= 2.0.0)
    rails-dom-testing (2.0.3)
      activesupport (>= 4.2.0)
      nokogiri (>= 1.6)
    rails-html-sanitizer (1.0.4)
      loofah (~> 2.2, >= 2.2.2)
    railties (5.2.1)
      actionpack (= 5.2.1)
      activesupport (= 5.2.1)
      method_source
      rake (>= 0.8.7)
      thor (>= 0.19.0, < 2.0)
    rake (12.3.1)
    rb-fsevent (0.10.3)
    rb-inotify (0.9.10)
      ffi (>= 0.5.0, < 2)
    redis (4.0.2)
    ruby_dep (1.5.0)
    rubyzip (1.2.1)
    sass (3.5.7)
      sass-listen (~> 4.0.0)
    sass-listen (4.0.0)
      rb-fsevent (~> 0.9, >= 0.9.4)
      rb-inotify (~> 0.9, >= 0.9.7)
    sass-rails (5.0.7)
      railties (>= 4.0.0, < 6)
      sass (~> 3.1)
      sprockets (>= 2.8, < 4.0)
      sprockets-rails (>= 2.0, < 4.0)
      tilt (>= 1.1, < 3)
    selenium-webdriver (3.14.0)
      childprocess (~> 0.5)
      rubyzip (~> 1.2)
    sourcemap (0.1.1)
    spring (2.0.2)
      activesupport (>= 4.2)
    spring-watcher-listen (2.0.1)
      listen (>= 2.7, < 4.0)
      spring (>= 1.2, < 3.0)
    sprockets (3.7.2)
      concurrent-ruby (~> 1.0)
      rack (> 1, < 3)
    sprockets-rails (3.2.1)
      actionpack (>= 4.0)
      activesupport (>= 4.0)
      sprockets (>= 3.0.0)
    sqlite3 (1.3.13)
    thor (0.20.0)
    thread_safe (0.3.6)
    tilt (2.0.8)
    turbolinks (5.2.0)
      turbolinks-source (~> 5.2)
    turbolinks-source (5.2.0)
    tzinfo (1.2.5)
      thread_safe (~> 0.1)
    uglifier (4.1.18)
      execjs (>= 0.3.0, < 3)
    web-console (3.6.2)
      actionview (>= 5.0)
      activemodel (>= 5.0)
      bindex (>= 0.4.0)
      railties (>= 5.0)
    webpacker (3.5.5)
      activesupport (>= 4.2)
      rack-proxy (>= 0.6.1)
      railties (>= 4.2)
    websocket-driver (0.7.0)
      websocket-extensions (>= 0.1.0)
    websocket-extensions (0.1.3)
    xpath (3.1.0)
      nokogiri (~> 1.8)

PLATFORMS
  ruby

DEPENDENCIES
  bootsnap (>= 1.1.0)
  byebug
  capybara (>= 2.15)
  chromedriver-helper
  coffee-rails (~> 4.2)
  hyper-business!
  hyper-gate!
  hyper-react!
  hyper-resource!
  hyper-router!
  hyper-store!
  hyper-transport!
  hyper-transport-actioncable!
  hyper-transport-store-redis!
  jbuilder (~> 2.5)
  listen (>= 3.0.5, < 3.2)
  opal!
  opal-autoloader!
  opal-webpack-compile-server!
  puma (~> 3.11)
  rails (~> 5.2.1)
  sass-rails (~> 5.0)
  selenium-webdriver
  spring
  spring-watcher-listen (~> 2.0.0)
  sqlite3
  turbolinks (~> 5)
  tzinfo-data
  uglifier (>= 1.3.0)
  web-console (>= 3.3.0)
  webpacker

RUBY VERSION
   ruby 2.5.1p57

BUNDLED WITH
   1.16.3
